GEM
  remote: https://rubygems.org/
  remote: http://gems.judofyr.net/
  specs:
    activemodel (4.0.0)
      activesupport (= 4.0.0)
      builder (~> 3.1.0)
    activerecord (4.0.0)
      activemodel (= 4.0.0)
      activerecord-deprecated_finders (~> 1.0.2)
      activesupport (= 4.0.0)
      arel (~> 4.0.0)
    activerecord-deprecated_finders (1.0.3)
    activesupport (4.0.0)
      i18n (~> 0.6, >= 0.6.4)
      minitest (~> 4.2)
      multi_json (~> 1.3)
      thread_safe (~> 0.1)
      tzinfo (~> 0.3.37)
    arel (4.0.1)
    atomic (1.1.14)
    builder (3.1.4)
    camping (2.1.532)
      mab (>= 0.0.3)
      rack (>= 1.0)
    camping-omnibus (2.1.523)
      activerecord
      camping (>= 2.1)
      sqlite3 (>= 1.1.0.1)
    i18n (0.6.5)
    mab (0.0.3)
    markaby (0.7.2)
      builder (>= 2.0.0)
    minitest (4.7.5)
    multi_json (1.8.2)
    rack (1.5.2)
    sqlite3 (1.3.8)
    thread_safe (0.1.3)
      atomic
    tzinfo (0.3.38)

PLATFORMS
  ruby

DEPENDENCIES
  activerecord (~> 4.0.0)
  activesupport
  camping
  camping-omnibus
  markaby
